GEM
  remote: https://rubygems.org/
  specs:
    backports (3.13.0)
    daemons (1.3.1)
    eventmachine (1.2.7)
    multi_json (1.13.1)
    mustermann (1.0.3)
    power_assert (1.1.4)
    rack (2.0.8)
    rack-protection (2.0.5)
      rack
    rack-test (1.1.0)
      rack (>= 1.0, < 3)
    rake (12.3.2)
    sinatra (2.0.5)
      mustermann (~> 1.0)
      rack (~> 2.0)
      rack-protection (= 2.0.5)
      tilt (~> 2.0)
    sinatra-contrib (2.0.5)
      backports (>= 2.8.2)
      multi_json
      mustermann (~> 1.0)
      rack-protection (= 2.0.5)
      sinatra (= 2.0.5)
      tilt (>= 1.3, < 3)
    test-unit (3.3.1)
      power_assert
    thin (1.7.2)
      daemons (~> 1.0, >= 1.0.9)
      eventmachine (~> 1.0, >= 1.0.4)
      rack (>= 1, < 3)
    tilt (2.0.9)

PLATFORMS
  ruby

DEPENDENCIES
  rack-test
  rake
  sinatra
  sinatra-contrib
  test-unit
  thin

BUNDLED WITH
   2.0.1
